PATH
  remote: .
  specs:
    proof (0.0.1)
      lingua (>= 0.6.2)

GEM
  remote: http://rubygems.org/
  specs:
    lingua (0.6.2)
    rspec (1.3.1)

PLATFORMS
  ruby

DEPENDENCIES
  bundler (>= 1.0.0)
  lingua (>= 0.6.2)
  proof!
  rspec (~> 1.3.1)
