PATH
  remote: .
  specs:
    proof (0.0.2)
      lingua (>= 0.6.2)

GEM
  remote: http://rubygems.org/
  specs:
    builder (2.1.2)
    cucumber (0.9.3)
      builder (~> 2.1.2)
      diff-lcs (~> 1.1.2)
      gherkin (~> 2.2.9)
      json (~> 1.4.6)
      term-ansicolor (~> 1.0.5)
    diff-lcs (1.1.2)
    gherkin (2.2.9)
      json (~> 1.4.6)
      term-ansicolor (~> 1.0.5)
    json (1.4.6)
    lingua (0.6.2)
    rspec (1.3.1)
    term-ansicolor (1.0.5)

PLATFORMS
  ruby

DEPENDENCIES
  bundler (>= 1.0.0)
  cucumber (~> 0.9.3)
  lingua (>= 0.6.2)
  proof!
  rspec (~> 1.3.1)
